GEM
  remote: https://rubygems.org/
  specs:
    adamantium (0.2.0)
      ice_nine (~> 0.11.0)
      memoizable (~> 0.4.0)
    aws-sdk (2.0.44)
      aws-sdk-resources (= 2.0.44)
    aws-sdk-core (2.0.44)
      builder (~> 3.0)
      jmespath (~> 1.0)
      multi_json (~> 1.0)
    aws-sdk-resources (2.0.44)
      aws-sdk-core (= 2.0.44)
    builder (3.2.2)
    concord (0.1.5)
      adamantium (~> 0.2.0)
      equalizer (~> 0.0.9)
    equalizer (0.0.11)
    ice_nine (0.11.1)
    jmespath (1.0.2)
      multi_json (~> 1.0)
    memoizable (0.4.2)
      thread_safe (~> 0.3, >= 0.3.1)
    minitest (5.6.1)
    multi_json (1.11.0)
    thread_safe (0.3.5)

PLATFORMS
  ruby

DEPENDENCIES
  aws-sdk (~> 2)
  concord
  minitest
